GIT
  remote: git://github.com/sinatra/sinatra.git
  revision: 9f4100a769bc62a8087a12511f26ea895e5e09c5
  specs:
    rack-protection (2.0.0.beta2)
      rack
    sinatra (2.0.0.beta2)
      mustermann (= 1.0.0.beta2)
      rack (~> 2.0)
      rack-protection (= 2.0.0.beta2)
      tilt (~> 2.0)
    sinatra-contrib (2.0.0.beta2)
      backports (>= 2.0)
      multi_json
      mustermann (= 1.0.0.beta2)
      rack-protection (= 2.0.0.beta2)
      rack-test
      sinatra (= 2.0.0.beta2)
      tilt (>= 1.3, < 3)

GEM
  remote: https://rubygems.org/
  specs:
    activesupport (5.0.0.1)
      concurrent-ruby (~> 1.0, >= 1.0.2)
      i18n (~> 0.7)
      minitest (~> 5.1)
      tzinfo (~> 1.1)
    backports (3.6.8)
    builder (3.2.2)
    closure-compiler (1.1.12)
    coffee-script (2.4.1)
      coffee-script-source
      execjs
    coffee-script-source (1.12.2)
    concurrent-ruby (1.0.2)
    daemons (1.2.4)
    dalli (2.7.6)
    eco (1.0.0)
      coffee-script
      eco-source
      execjs
    eco-source (1.1.0.rc.1)
    erubis (2.7.0)
    eventmachine (1.2.1)
    execjs (2.7.0)
    i18n (0.7.0)
    json (2.0.2)
    kgio (2.10.0)
    memcachier (0.0.2)
    minitest (5.10.1)
    multi_json (1.12.1)
    mustermann (1.0.0.beta2)
    rack (2.0.1)
    rack-ssl (1.4.1)
      rack
    rack-standards (0.0.1)
    rack-test (0.6.3)
      rack (>= 1.0)
    raindrops (0.17.0)
    rake (12.0.0)
    redcarpet (3.3.4)
    sprockets (3.5.2)
      concurrent-ruby (~> 1.0)
      rack (> 1, < 3)
    sprockets-memcache-store (0.0.4)
      dalli
      sprockets (~> 3.5.2)
    stylus (1.0.2)
      execjs
      stylus-source
    stylus-source (0.54.5)
    thin (1.7.0)
      daemons (~> 1.0, >= 1.0.9)
      eventmachine (~> 1.0, >= 1.0.4)
      rack (>= 1, < 3)
    thread_safe (0.3.5)
    tilt (2.0.5)
    tzinfo (1.2.2)
      thread_safe (~> 0.1)
    uglifier (3.0.4)
      execjs (>= 0.3.0, < 3)
    unicorn (5.2.0)
      kgio (~> 2.6)
      raindrops (~> 0.7)
    yui-compressor (0.12.0)

PLATFORMS
  ruby

DEPENDENCIES
  activesupport
  builder
  closure-compiler
  coffee-script
  dalli
  eco
  erubis
  i18n
  json
  memcachier
  rack-ssl
  rack-standards
  rake
  redcarpet
  sinatra
  sinatra-contrib!
  sprockets
  sprockets-memcache-store
  stylus
  stylus-source
  thin
  uglifier
  unicorn
  yui-compressor

RUBY VERSION
   ruby 2.2.4p230

BUNDLED WITH
   1.12.5
